GEM
  remote: https://rubygems.org/
  specs:
    backports (3.6.8)
    json (2.0.2)
    mail (2.7.0)
      mini_mime (>= 0.1.1)
    mini_mime (1.0.0)
    multi_json (1.12.0)
    pony (1.12)
      mail (>= 2.0)
    rack (1.6.4)
    rack-protection (1.5.3)
      rack
    rack-test (0.6.3)
      rack (>= 1.0)
    redis (3.3.0)
    sinatra (1.4.7)
      rack (~> 1.5)
      rack-protection (~> 1.4)
      tilt (>= 1.3, < 3)
    sinatra-contrib (1.4.7)
      backports (>= 2.0)
      multi_json
      rack-protection
      rack-test
      sinatra (~> 1.4.0)
      tilt (>= 1.3, < 3)
    sinatra-logger (0.1.1)
      sinatra (>= 1.0)
    sshkey (1.8.0)
    tilt (2.0.2)

PLATFORMS
  ruby

DEPENDENCIES
  json
  pony
  redis
  sinatra
  sinatra-contrib
  sinatra-logger
  sshkey

BUNDLED WITH
   1.11.2
